GEM
  remote: https://rubygems.org/
  specs:
    json (2.6.3)
    pg (1.5.4)
    pg (1.5.4-x64-mingw-ucrt)

PLATFORMS
  arm64-darwin-21
  x64-mingw-ucrt

DEPENDENCIES
  json
  pg

BUNDLED WITH
   2.4.20
