GEM
  remote: https://rubygems.org/
  specs:
    pg (1.5.4)
    pg (1.5.4-x64-mingw-ucrt)

PLATFORMS
  arm64-darwin-21
  x64-mingw-ucrt

DEPENDENCIES
  pg

BUNDLED WITH
   2.4.20
